GEM
  remote: https://rubygems.org/
  specs:
    colorize (0.7.5)
    commander (4.2.1)
      highline (~> 1.6.11)
    highline (1.6.21)
    net-scp (1.2.1)
      net-ssh (>= 2.6.5)
    net-ssh (2.9.1)

PLATFORMS
  ruby

DEPENDENCIES
  colorize
  commander
  highline
  net-scp
